PATH
  remote: .
  specs:
    indocker (0.0.2)
      colorize
      docker-api
      smart_ioc
      thor

GEM
  remote: https://rubygems.org/
  specs:
    byebug (9.1.0)
    colorize (0.8.1)
    docker-api (1.33.6)
      excon (>= 0.38.0)
      json
    excon (0.59.0)
    json (2.1.0)
    smart_ioc (0.2.1)
    thor (0.20.0)

PLATFORMS
  ruby

DEPENDENCIES
  byebug
  indocker!

BUNDLED WITH
   1.16.0.pre.3
